PATH
  remote: .
  specs:
    latex_curriculum_vitae (0.1.5)
      notifier (~> 0.5, >= 0.5.1)
      setup (~> 5.2, >= 5.2.0)

GEM
  remote: http://rubygems.org/
  specs:
    gem-release (0.7.4)
    hoe (3.14.1)
      rake (>= 0.8, < 11.0)
    indexer (0.3.1)
    notifier (0.5.1)
    rake (10.4.2)
    setup (5.2.0)
    yard (0.8.7.6)

PLATFORMS
  ruby

DEPENDENCIES
  bundler (~> 1.9, >= 1.9.6)
  gem-release (~> 0.7, >= 0.7.3)
  hoe (~> 3.14, >= 3.14.1)
  indexer (~> 0.3, >= 0.3.1)
  latex_curriculum_vitae!
  rake (~> 10.4, >= 10.4.2)
  yard (~> 0.8, >= 0.8.7.6)

BUNDLED WITH
   1.10.6
