PATH
  remote: .
  specs:
    LatexCurriculumVitae (0.1.1)
      notifier (~> 0.5, >= 0.5.1)
      setup (~> 5.2, >= 5.2.0)

GEM
  remote: http://rubygems.org/
  specs:
    gem-release (0.7.4)
    indexer (0.3.1)
    mast (1.4.0)
    notifier (0.5.1)
    rake (10.4.2)
    setup (5.2.0)
    yard (0.8.7.6)

PLATFORMS
  ruby

DEPENDENCIES
  LatexCurriculumVitae!
  bundler (~> 1.9, >= 1.9.6)
  gem-release (~> 0.7, >= 0.7.3)
  indexer (~> 0.3, >= 0.3.1)
  mast (~> 1.4, >= 1.4.0)
  rake (~> 10.4, >= 10.4.2)
  yard (~> 0.8, >= 0.8.7.6)

BUNDLED WITH
   1.10.6
