GEM
  remote: https://rubygems.org/
  specs:
    RedCloth (4.2.9)
    ZenTest (4.11.0)
    abstract_type (0.0.7)
    adamantium (0.2.0)
      ice_nine (~> 0.11.0)
      memoizable (~> 0.4.0)
    ast (2.1.0)
    astrolabe (1.3.1)
      parser (~> 2.2)
    concord (0.1.5)
      adamantium (~> 0.2.0)
      equalizer (~> 0.0.9)
    coveralls (0.8.2)
      json (~> 1.8)
      rest-client (>= 1.6.8, < 2)
      simplecov (~> 0.10.0)
      term-ansicolor (~> 1.3)
      thor (~> 0.19.1)
    diff-lcs (1.2.5)
    docile (1.1.5)
    domain_name (0.5.24)
      unf (>= 0.0.5, < 1.0.0)
    equalizer (0.0.11)
    gem-release (0.7.4)
    highline (1.7.5)
    hoe (3.14.2)
      rake (>= 0.8, < 11.0)
    hoe-bundler (1.2.0)
      hoe (>= 2.2.0)
    hoe-deveiate (0.7.0)
      hoe (~> 3.13)
      hoe-highline (~> 0.2)
      hoe-mercurial (~> 1.4)
      mail (~> 2.6)
      rdoc (~> 4.2)
      rspec (~> 3.2)
    hoe-doofus (1.0.0)
    hoe-gemspec (1.0.0)
      hoe (>= 2.2.0)
    hoe-git (1.6.0)
    hoe-highline (0.2.1)
      highline (~> 1.6)
      hoe (~> 3.11)
    hoe-manualgen (0.3.0)
      RedCloth (~> 4.2)
      hoe (~> 3.0)
      rcodetools (~> 0.8)
    hoe-mercurial (1.4.1)
      hoe (~> 3.9)
    hoe-reek (1.0.0)
      hoe
      reek
    hoe-roodi (1.0.0)
      hoe
      roodi
    hoe-rubygems (1.0.0)
    hoe-seattlerb (1.3.4)
    hoe-version (1.2.0)
    http-cookie (1.0.2)
      domain_name (~> 0.5)
    ice_nine (0.11.1)
    indexer (0.3.1)
    json (1.8.3)
    mail (2.6.3)
      mime-types (>= 1.16, < 3)
    memoizable (0.4.2)
      thread_safe (~> 0.3, >= 0.3.1)
    mime-types (2.6.2)
    netrc (0.10.3)
    notifier (0.5.1)
    parser (2.2.2.6)
      ast (>= 1.1, < 3.0)
    powerpack (0.1.1)
    private_attr (1.1.0)
    procto (0.0.2)
    rainbow (2.0.0)
    rake (10.4.2)
    rcodetools (0.8.5.0)
    rdoc (4.2.0)
    reek (3.3.1)
      parser (~> 2.2.2.5)
      private_attr (~> 1.1)
      rainbow (~> 2.0)
      unparser (~> 0.2.2)
    rest-client (1.8.0)
      http-cookie (>= 1.0.2, < 2.0)
      mime-types (>= 1.16, < 3.0)
      netrc (~> 0.7)
    roodi (5.0.0)
      ruby_parser (~> 3.2, >= 3.2.2)
    rspec (3.3.0)
      rspec-core (~> 3.3.0)
      rspec-expectations (~> 3.3.0)
      rspec-mocks (~> 3.3.0)
    rspec-core (3.3.2)
      rspec-support (~> 3.3.0)
    rspec-expectations (3.3.1)
      diff-lcs (>= 1.2.0, < 2.0)
      rspec-support (~> 3.3.0)
    rspec-mocks (3.3.2)
      diff-lcs (>= 1.2.0, < 2.0)
      rspec-support (~> 3.3.0)
    rspec-support (3.3.0)
    rubocop (0.34.1)
      astrolabe (~> 1.3)
      parser (>= 2.2.2.5, < 3.0)
      powerpack (~> 0.1)
      rainbow (>= 1.99.1, < 3.0)
      ruby-progressbar (~> 1.4)
    ruby-progressbar (1.7.5)
    ruby_parser (3.7.1)
      sexp_processor (~> 4.1)
    setup (5.2.0)
    sexp_processor (4.6.0)
    simplecov (0.10.0)
      docile (~> 1.1.0)
      json (~> 1.8)
      simplecov-html (~> 0.10.0)
    simplecov-html (0.10.0)
    term-ansicolor (1.3.2)
      tins (~> 1.0)
    thor (0.19.1)
    thread_safe (0.3.5)
    tins (1.6.0)
    unf (0.1.4)
      unf_ext
    unf_ext (0.0.7.1)
    unparser (0.2.4)
      abstract_type (~> 0.0.7)
      adamantium (~> 0.2.0)
      concord (~> 0.1.5)
      diff-lcs (~> 1.2.5)
      equalizer (~> 0.0.9)
      parser (~> 2.2.2)
      procto (~> 0.0.2)

PLATFORMS
  ruby

DEPENDENCIES
  ZenTest (~> 4.11)
  coveralls (~> 0.8)
  gem-release (~> 0.7)
  hoe (~> 3.14)
  hoe-bundler (~> 1.2)
  hoe-deveiate (~> 0.7)
  hoe-doofus (~> 1.0)
  hoe-gemspec (~> 1.0)
  hoe-git (~> 1.6)
  hoe-highline (~> 0.2)
  hoe-manualgen (~> 0.3.0)
  hoe-mercurial (~> 1.4)
  hoe-reek (~> 1.0)
  hoe-roodi (~> 1.0)
  hoe-rubygems (~> 1.0)
  hoe-seattlerb (~> 1.3)
  hoe-version (~> 1.2)
  indexer (~> 0.3)
  notifier (~> 0.5)
  rake (~> 10.0)
  rdoc (~> 4.0)
  reek (~> 3.3)
  roodi (~> 5.0)
  rubocop (~> 0.34)
  setup (~> 5.2)
  simplecov (~> 0.7)

BUNDLED WITH
   1.10.6
