GEM
  remote: http://rubygems.org/
  specs:
    rake (10.4.2)

PLATFORMS
  ruby

DEPENDENCIES
  rake

BUNDLED WITH
   1.10.5
