PATH
  remote: .
  specs:
    LatexCurriculumVitae (0.1.1)
      notifier (~> 0.5, >= 0.5.1)
      setup (~> 5.2, >= 5.2.0)

GEM
  remote: http://rubygems.org/
  specs:
    ast (2.1.0)
    astrolabe (1.3.1)
      parser (~> 2.2)
    bundler-audit (0.4.0)
      bundler (~> 1.2)
      thor (~> 0.18)
    gem-release (0.7.4)
    indexer (0.3.1)
    mast (1.4.0)
    notifier (0.5.1)
    parser (2.2.2.6)
      ast (>= 1.1, < 3.0)
    powerpack (0.1.1)
    rainbow (2.0.0)
    rake (10.4.2)
    rubocop (0.33.0)
      astrolabe (~> 1.3)
      parser (>= 2.2.2.5, < 3.0)
      powerpack (~> 0.1)
      rainbow (>= 1.99.1, < 3.0)
      ruby-progressbar (~> 1.4)
    ruby-progressbar (1.7.5)
    setup (5.2.0)
    thor (0.19.1)
    yard (0.8.7.6)

PLATFORMS
  ruby

DEPENDENCIES
  LatexCurriculumVitae!
  bundler (~> 1.9, >= 1.9.6)
  bundler-audit (~> 0.4, >= 0.4.0)
  gem-release (~> 0.7, >= 0.7.3)
  indexer (~> 0.3, >= 0.3.1)
  mast (~> 1.4, >= 1.4.0)
  rake (~> 10.4, >= 10.4.2)
  rubocop (~> 0.31, >= 0.31.0)
  yard (~> 0.8, >= 0.8.7.6)

BUNDLED WITH
   1.10.6
