PATH
  remote: .
  specs:
    LatexCurriculumVitae (0.1.1)
      notifier (~> 0.5, >= 0.5.1)
      setup (~> 5.2, >= 5.2.0)

GEM
  remote: http://rubygems.org/
  specs:
    bundler-audit (0.4.0)
      bundler (~> 1.2)
      thor (~> 0.18)
    gem-release (0.7.4)
    indexer (0.3.1)
    notifier (0.5.1)
    rake (10.4.2)
    setup (5.2.0)
    thor (0.19.1)

PLATFORMS
  ruby

DEPENDENCIES
  LatexCurriculumVitae!
  bundler (~> 1.9, >= 1.9.6)
  bundler-audit (~> 0.4, >= 0.4.0)
  gem-release (~> 0.7, >= 0.7.3)
  indexer (~> 0.3, >= 0.3.1)
  rake (~> 10.4, >= 10.4.2)

BUNDLED WITH
   1.10.6
