PATH
  remote: .
  specs:
    LatexCurriculumVitae (0.1.1)
      setup (~> 5.2, >= 5.2.0)

GEM
  remote: http://rubygems.org/
  specs:
    ast (2.1.0)
    bundler-audit (0.4.0)
      bundler (~> 1.2)
      thor (~> 0.18)
    diff-lcs (1.2.5)
    docile (1.1.5)
    gem-release (0.7.4)
    json (1.8.3)
    parser (2.2.2.6)
      ast (>= 1.1, < 3.0)
    rake (10.4.2)
    rdoc (4.2.0)
    rspec (3.3.0)
      rspec-core (~> 3.3.0)
      rspec-expectations (~> 3.3.0)
      rspec-mocks (~> 3.3.0)
    rspec-core (3.3.2)
      rspec-support (~> 3.3.0)
    rspec-expectations (3.3.1)
      diff-lcs (>= 1.2.0, < 2.0)
      rspec-support (~> 3.3.0)
    rspec-mocks (3.3.2)
      diff-lcs (>= 1.2.0, < 2.0)
      rspec-support (~> 3.3.0)
    rspec-support (3.3.0)
    ruby-lint (2.0.4)
      parser (~> 2.2)
      slop (~> 3.4, >= 3.4.7)
    setup (5.2.0)
    simplecov (0.10.0)
      docile (~> 1.1.0)
      json (~> 1.8)
      simplecov-html (~> 0.10.0)
    simplecov-html (0.10.0)
    slop (3.6.0)
    thor (0.19.1)
    yard (0.8.7.6)

PLATFORMS
  ruby

DEPENDENCIES
  LatexCurriculumVitae!
  bundler (~> 1.9, >= 1.9.6)
  bundler-audit (~> 0.4, >= 0.4.0)
  gem-release (~> 0.7, >= 0.7.3)
  rake (~> 10.4, >= 10.4.2)
  rdoc (~> 4.2, >= 4.2.0)
  rspec (~> 3.2, >= 3.2.0)
  ruby-lint (~> 2.0, >= 2.0.4)
  simplecov (~> 0.10, >= 0.10.0)
  yard (~> 0.8, >= 0.8.7.6)

BUNDLED WITH
   1.10.6
